GIT
  remote: https://github.com/captn3m0/faraday-curb.git
  revision: de7c4c52ef95615de81c0cab2b7a68b437b51f7b
  branch: master
  specs:
    faraday-curb (0.0.5)
      curb (~> 0)
      faraday (~> 0)

GEM
  remote: https://rubygems.org/
  specs:
    activesupport (7.1.2)
      base64
      bigdecimal
      concurrent-ruby (~> 1.0, >= 1.0.2)
      connection_pool (>= 2.2.5)
      drb
      i18n (>= 1.6, < 2)
      minitest (>= 5.1)
      mutex_m
      tzinfo (~> 2.0)
    addressable (2.8.6)
      public_suffix (>= 2.0.2, < 6.0)
    base64 (0.2.0)
    bigdecimal (3.1.4)
    builder (3.2.4)
    concurrent-ruby (1.2.2)
    connection_pool (2.4.1)
    curb (0.9.11)
    drb (2.2.0)
      ruby2_keywords
    faraday (0.17.6)
      multipart-post (>= 1.2, < 3)
    faraday_middleware (0.14.0)
      faraday (>= 0.7.4, < 1.0)
    hanami-router (2.0.0.alpha3)
      mustermann (~> 1.0)
      mustermann-contrib (~> 1.0)
      rack (~> 2.0)
    hansi (0.2.1)
    hibana (0.2.1)
      hanami-router (= 2.0.0.alpha3)
      rack
      tilt
    i18n (1.14.1)
      concurrent-ruby (~> 1.0)
    marcel (1.0.2)
    minitest (5.20.0)
    multipart-post (2.3.0)
    mustermann (1.1.2)
      ruby2_keywords (~> 0.0.1)
    mustermann-contrib (1.1.2)
      hansi (~> 0.2.0)
      mustermann (= 1.1.2)
    mutex_m (0.2.0)
    nokogiri (1.15.5-x86_64-linux)
      racc (~> 1.4)
    psych (5.1.1.1)
      stringio
    public_suffix (5.0.4)
    racc (1.7.3)
    rack (2.2.8)
    rack-capture (0.4.0)
      rack
    ruby2_keywords (0.0.5)
    stringio (3.1.0)
    thor (1.3.0)
    tilt (2.3.0)
    tzinfo (2.0.6)
      concurrent-ruby (~> 1.0)
    webrick (1.8.1)
    weneedfeed (0.20.0)
      activesupport
      addressable
      builder
      faraday
      faraday_middleware
      hibana (>= 0.2.1)
      marcel
      nokogiri
      psych (>= 4)
      rack-capture (>= 0.4.0)
      thor

PLATFORMS
  x86_64-linux

DEPENDENCIES
  faraday-curb!
  webrick (~> 1.7)
  weneedfeed (~> 0.20)

BUNDLED WITH
   2.4.22
